GEM
  remote: https://rubygems.org/
  specs:
    chunky_png (1.4.0)
    lazy_priority_queue (0.1.1)

PLATFORMS
  ruby

DEPENDENCIES
  chunky_png (~> 1.4)
  lazy_priority_queue (~> 0.1.1)

BUNDLED WITH
   2.1.4
